GEM
  remote: https://rubygems.org/
  specs:
    chronic (0.10.2)
    mini_portile (0.6.1)
    nokogiri (1.6.5)
      mini_portile (~> 0.6.0)
    whenever (0.9.4)
      chronic (>= 0.6.3)

PLATFORMS
  ruby

DEPENDENCIES
  nokogiri (= 1.6.5)
  whenever
